GIT
  remote: https://github.com/asciidoctor/asciidoctor-epub3
  revision: 3fcfb3ee7b74fc1a07c3a91e048717ccb2dd5719
  specs:
    asciidoctor-epub3 (1.5.0.alpha.10.dev)
      asciidoctor (>= 1.5.0, < 3.0.0)
      concurrent-ruby (~> 1.1.5)
      gepub (~> 1.0.3)
      thread_safe (~> 0.3.6)

GEM
  remote: https://rubygems.org/
  specs:
    Ascii85 (1.0.3)
    addressable (2.6.0)
      public_suffix (>= 2.0.2, < 4.0)
    afm (0.2.2)
    asciidoctor (1.5.6.1)
    asciidoctor-diagram (1.5.11)
      asciidoctor (~> 1.5.0)
    asciidoctor-pdf (1.5.0.alpha.16)
      asciidoctor (>= 1.5.0)
      prawn (>= 1.3.0, < 2.3.0)
      prawn-icon (= 1.3.0)
      prawn-svg (>= 0.21.0, < 0.28.0)
      prawn-table (= 0.2.2)
      prawn-templates (>= 0.0.3, <= 0.1.1)
      safe_yaml (~> 1.0.4)
      thread_safe (~> 0.3.6)
      treetop (= 1.5.3)
    awesome_print (1.8.0)
    coderay (1.1.2)
    concurrent-ruby (1.1.5)
    css_parser (1.7.0)
      addressable
    epubcheck (3.0.1)
    gepub (1.0.4)
      nokogiri (>= 1.8.2, < 1.11)
      rubyzip (>= 1.1.1)
    hashery (2.1.2)
    json (2.2.0)
    kindlegen (3.0.3)
      rake
      rubyzip
    mini_portile2 (2.4.0)
    multi_json (1.13.1)
    nokogiri (1.10.3)
      mini_portile2 (~> 2.4.0)
    pdf-core (0.7.0)
    pdf-reader (2.2.0)
      Ascii85 (~> 1.0.0)
      afm (~> 0.2.1)
      hashery (~> 2.0)
      ruby-rc4
      ttfunk
    polyglot (0.3.5)
    prawn (2.2.2)
      pdf-core (~> 0.7.0)
      ttfunk (~> 1.5)
    prawn-gmagick (0.0.8)
      prawn (>= 0.15, < 3.0)
    prawn-icon (1.3.0)
      prawn (>= 1.1.0, < 3.0.0)
    prawn-svg (0.27.1)
      css_parser (~> 1.3)
      prawn (>= 0.11.1, < 3)
    prawn-table (0.2.2)
      prawn (>= 1.3.0, < 3.0.0)
    prawn-templates (0.1.1)
      pdf-reader (~> 2.0)
      prawn (~> 2.2)
    public_suffix (3.1.0)
    pygments.rb (1.2.1)
      multi_json (>= 1.0.0)
    rake (12.3.2)
    rouge (3.4.1)
    ruby-rc4 (0.1.5)
    rubyzip (1.2.3)
    safe_yaml (1.0.5)
    thread_safe (0.3.6)
    treetop (1.5.3)
      polyglot (~> 0.3)
    ttfunk (1.5.1)

PLATFORMS
  ruby

DEPENDENCIES
  asciidoctor (= 1.5.6.1)
  asciidoctor-diagram (= 1.5.11)
  asciidoctor-epub3!
  asciidoctor-pdf (= 1.5.0.alpha.16)
  awesome_print
  coderay
  epubcheck
  json
  kindlegen
  prawn-gmagick (~> 0.0.8)
  pygments.rb
  rake
  rouge
  thread_safe

BUNDLED WITH
   1.17.3
